GEM
  remote: https://rubygems.org/
  specs:
    minitest (5.12.0)
    rake (12.3.3)

PLATFORMS
  ruby

DEPENDENCIES
  minitest (= 5.12.0)
  rake (= 12.3.3)

BUNDLED WITH
   1.17.3
